GEM
  specs:
    sass (3.4.25)

PLATFORMS
  ruby

DEPENDENCIES
  sass

BUNDLED WITH
   1.14.6
