GEM
  remote: http://ruby.taobao.org/
  specs:
    sass (3.4.5)

PLATFORMS
  ruby

DEPENDENCIES
  sass

BUNDLED WITH
   1.10.6
